GEM
  remote: https://rubygems.org/
  specs:
    asciidoctor (1.5.8)
    asciidoctor-diagram (1.4.0)
      asciidoctor (~> 1.5.0)

PLATFORMS
  ruby

DEPENDENCIES
  asciidoctor-diagram (~> 1.4.0)

BUNDLED WITH
   1.15.3
